{
    "Modality": "MR",
    "MagneticFieldStrength": 7,
    "ImagingFrequency": 297.177,
    "Manufacturer": "Siemens",
    "ManufacturersModelName": "Investigational_Device_7T",
    "InstitutionName": "UC Berkeley",
    "InstitutionalDepartmentName": "Department",
    "InstitutionAddress": "Oxford Street 1951,Berkeley,SFO,US,94720",
    "DeviceSerialNumber": "79024",
    "StationName": "AWP79024",
    "BodyPartExamined": "BRAIN",
    "PatientPosition": "HFS",
    "SoftwareVersions": "syngo MR E12",
    "MRAcquisitionType": "3D",
    "SeriesDescription": "t1_mp2r_sag_0p75mm_fatnav_UNI_Images",
    "ProtocolName": "t1_mp2r_sag_0p75mm_fatnav",
    "ScanningSequence": "GR\\IR",
    "SequenceVariant": "SK\\SP\\MP",
    "ScanOptions": "IR\\PFP",
    "SequenceName": "ns_tfl3d1_16ns",
    "ImageType": [
        "DERIVED",
        "PRIMARY",
        "M",
        "ND",
        "UNI"
    ],
    "RawImage": false,
    "SeriesNumber": 7,
    "AcquisitionTime": "14:41:38.850000",
    "AcquisitionNumber": 1,
    "ConversionComments": "Q Pixel Bandwidth//290",
    "SliceThickness": 0.75,
    "SAR": 0.141057,
    "EchoTime": 0.00282,
    "RepetitionTime": 6,
    "SpoilingState": true,
    "PartialFourier": 0.875,
    "BaseResolution": 300,
    "ShimSetting": [
        15,
        -9,
        182,
        2405,
        70,
        283,
        149,
        -66
    ],
    "TxRefAmp": 305,
    "PhaseResolution": 1,
    "ReceiveCoilName": "8Tx64Rx_Head",
    "ReceiveCoilActiveElements": "R63",
    "PulseSequenceDetails": "%CustomerSeq%\\ns_tfl_fatnav",
    "RefLinesPE": 32,
    "CoilCombinationMethod": "Sum of Squares",
    "ConsistencyInfo": "N4_VE12U_LATEST_20181126",
    "MatrixCoilMode": "GRAPPA",
    "PercentPhaseFOV": 100,
    "PercentSampling": 100,
    "PhaseEncodingSteps": 264,
    "AcquisitionMatrixPE": 300,
    "ReconMatrixPE": 300,
    "ParallelReductionFactorInPlane": 3,
    "PixelBandwidth": 290,
    "DwellTime": 5.7e-06,
    "ImageOrientationPatientDICOM": [
        0,
        0.951057,
        -0.309017,
        0,
        -0.309017,
        -0.951057
    ],
    "ImageOrientationText": "Sag",
    "InPlanePhaseEncodingDirectionDICOM": "ROW",
    "ConversionSoftware": "dcm2niix",
    "ConversionSoftwareVersion": "v1.0.20211006"
}