{
    "Modality": "MR",
    "MagneticFieldStrength": 7,
    "ImagingFrequency": 297.176951,
    "Manufacturer": "Siemens",
    "ManufacturersModelName": "Investigational_Device_7T",
    "InstitutionName": "UC Berkeley",
    "InstitutionalDepartmentName": "Department",
    "InstitutionAddress": "Oxford Street 1951,Berkeley,SFO,US,94720",
    "DeviceSerialNumber": "79024",
    "StationName": "AWP79024",
    "BodyPartExamined": "BRAIN",
    "PatientPosition": "HFS",
    "SoftwareVersions": "syngo MR E12",
    "MRAcquisitionType": "3D",
    "SeriesDescription": "t1_mp2r_sag_0p75mm_fatnav_UNI_Images",
    "ProtocolName": "t1_mp2r_sag_0p75mm_fatnav",
    "ScanningSequence": "GR\\IR",
    "SequenceVariant": "SK\\SP\\MP",
    "ScanOptions": "IR\\PFP",
    "SequenceName": "ns_tfl3d1_16ns",
    "ImageType": [
        "DERIVED",
        "PRIMARY",
        "M",
        "ND",
        "UNI"
    ],
    "NonlinearGradientCorrection": false,
    "RawImage": false,
    "SeriesNumber": 7,
    "AcquisitionTime": "10:44:22.540000",
    "AcquisitionNumber": 1,
    "SliceThickness": 0.75,
    "SAR": 0.111967,
    "EchoTime": 0.00282,
    "RepetitionTime": 6,
    "SpoilingState": true,
    "PartialFourier": 0.875,
    "BaseResolution": 300,
    "ShimSetting": [
        33,
        40,
        212,
        2043,
        -51,
        477,
        -196,
        -83
    ],
    "TxRefAmp": 275,
    "PhaseResolution": 1,
    "ReceiveCoilName": "8Tx64Rx_V2",
    "ReceiveCoilActiveElements": "R64",
    "PulseSequenceDetails": "%CustomerSeq%\\ns_tfl_fatnav",
    "RefLinesPE": 32,
    "CoilCombinationMethod": "Sum of Squares",
    "ConsistencyInfo": "N4_VE12U_LATEST_20181126",
    "MatrixCoilMode": "GRAPPA",
    "PercentPhaseFOV": 100,
    "PercentSampling": 100,
    "PhaseEncodingSteps": 264,
    "AcquisitionMatrixPE": 300,
    "ReconMatrixPE": 300,
    "ParallelReductionFactorInPlane": 3,
    "PixelBandwidth": 290,
    "DwellTime": 5.7e-06,
    "ImageOrientationPatientDICOM": [
        0,
        0.951057,
        -0.309017,
        0,
        -0.309017,
        -0.951057
    ],
    "ImageOrientationText": "Sag",
    "InPlanePhaseEncodingDirectionDICOM": "ROW",
    "ConversionSoftware": "dcm2niix",
    "ConversionSoftwareVersion": "v1.0.20230411"
}