{
    "Modality": "MR",
    "MagneticFieldStrength": 7,
    "ImagingFrequency": 297.176959,
    "Manufacturer": "Siemens",
    "ManufacturersModelName": "Investigational_Device_7T",
    "InstitutionName": "UC Berkeley",
    "InstitutionalDepartmentName": "Department",
    "InstitutionAddress": "Oxford Street 1951,Berkeley,SFO,US,94720",
    "DeviceSerialNumber": "79024",
    "StationName": "AWP79024",
    "BodyPartExamined": "BRAIN",
    "PatientPosition": "HFS",
    "SoftwareVersions": "syngo MR E12",
    "MRAcquisitionType": "3D",
    "SeriesDescription": "rslh_ep3d_vaso_nih5h_p84_NG_ed72_VASO_minTR_1MP_E00_S00_M",
    "ProtocolName": "rslh_ep3d_vaso_nih5h_p84_NG_ed72_VASO_minTR_1MP",
    "ScanningSequence": "RM\\IR",
    "SequenceVariant": "SK\\SP\\MP",
    "ScanOptions": "IR\\PFP\\FS",
    "ImageType": [
        "ORIGINAL",
        "PRIMARY",
        "M",
        "ND",
        "ECHO",
        "00",
        "SET",
        "00",
        "COMBINED",
        "MOSAIC"
    ],
    "NonlinearGradientCorrection": false,
    "SeriesNumber": 11,
    "AcquisitionTime": "11:14:44.212500",
    "AcquisitionNumber": 1,
    "ImageComments": "E00_S00_Com",
    "SliceThickness": 0.84,
    "SpacingBetweenSlices": 0.84,
    "SAR": 0.166511,
    "EchoTime": 0.0136,
    "RepetitionTime": 3.2,
    "SpoilingState": true,
    "InversionTime": 0.939,
    "FlipAngle": 35,
    "PartialFourier": 0.75,
    "BaseResolution": 206,
    "ShimSetting": [
        106,
        92,
        214,
        184,
        -1280,
        295,
        1036,
        -440
    ],
    "TxRefAmp": 285,
    "PhaseResolution": 1,
    "ReceiveCoilName": "8Tx64Rx_V2",
    "ReceiveCoilActiveElements": "R64",
    "PulseSequenceDetails": "%CustomerSeq%\\rslh_ep3d_vaso_nih5h",
    "RefLinesPE": 80,
    "CoilCombinationMethod": "Sum of Squares",
    "ConsistencyInfo": "N4_VE12U_LATEST_20181126",
    "PercentPhaseFOV": 93.2039,
    "PercentSampling": 100,
    "PhaseEncodingSteps": 144,
    "AcquisitionMatrixPE": 192,
    "ReconMatrixPE": 192,
    "BandwidthPerPixelPhaseEncode": 21.701,
    "ParallelReductionFactorOutOfPlane": 3,
    "EffectiveEchoSpacing": 0.000240004,
    "DerivedVendorReportedEchoSpacing": 0.000240004,
    "TotalReadoutTime": 0.0458408,
    "PixelBandwidth": 1515,
    "DwellTime": 1.6e-06,
    "ImageOrientationPatientDICOM": [
        0,
        1,
        0,
        0,
        0,
        -1
    ],
    "ImageOrientationText": "Sag",
    "InPlanePhaseEncodingDirectionDICOM": "ROW",
    "ConversionSoftware": "dcm2niix",
    "ConversionSoftwareVersion": "v1.0.20230411",
    "TaskName": "am"
}