{
    "Modality": "MR",
    "MagneticFieldStrength": 7,
    "ImagingFrequency": 297.177532,
    "Manufacturer": "Siemens",
    "ManufacturersModelName": "Investigational_Device_7T",
    "InstitutionName": "UC Berkeley",
    "InstitutionalDepartmentName": "Department",
    "InstitutionAddress": "Oxford Street 1951,Berkeley,SFO,US,94720",
    "DeviceSerialNumber": "79024",
    "StationName": "AWP79024",
    "BodyPartExamined": "BRAIN",
    "PatientPosition": "HFS",
    "SoftwareVersions": "syngo MR E12",
    "MRAcquisitionType": "3D",
    "SeriesDescription": "t1_mp2rage_sag_p3_0.75mm_UNI_Images",
    "ProtocolName": "t1_mp2rage_sag_p3_0.75mm",
    "ScanningSequence": "GR\\IR",
    "SequenceVariant": "SK\\SP\\MP",
    "ScanOptions": "IR\\WE",
    "SequenceName": "*tfl3d1_16ns",
    "ImageType": [
        "DERIVED",
        "PRIMARY",
        "M",
        "ND",
        "UNI"
    ],
    "NonlinearGradientCorrection": false,
    "RawImage": false,
    "SeriesNumber": 6,
    "AcquisitionTime": "10:22:19.130000",
    "AcquisitionNumber": 1,
    "SliceThickness": 0.75,
    "SAR": 0.179585,
    "EchoTime": 0.00203,
    "RepetitionTime": 4.3,
    "SpoilingState": true,
    "PartialFourier": 1,
    "BaseResolution": 320,
    "ShimSetting": [
        1,
        16,
        71,
        678,
        -69,
        -175,
        -33,
        -117
    ],
    "TxRefAmp": 290,
    "PhaseResolution": 1,
    "ReceiveCoilName": "8Tx64Rx_Head",
    "ReceiveCoilActiveElements": "A01-63",
    "CoilString": "R63",
    "PulseSequenceDetails": "%SiemensSeq%\\tfl",
    "RefLinesPE": 36,
    "CoilCombinationMethod": "Sum of Squares",
    "ConsistencyInfo": "N4_VE12U_LATEST_20181126",
    "MatrixCoilMode": "GRAPPA",
    "PercentPhaseFOV": 93.75,
    "PercentSampling": 100,
    "PhaseEncodingSteps": 298,
    "AcquisitionMatrixPE": 300,
    "ReconMatrixPE": 300,
    "ParallelReductionFactorInPlane": 3,
    "PixelBandwidth": 200,
    "DwellTime": 7.8e-06,
    "ImageOrientationPatientDICOM": [
        0,
        0.940881,
        -0.338738,
        0,
        -0.338738,
        -0.940881
    ],
    "ImageOrientationText": "Sag",
    "InPlanePhaseEncodingDirectionDICOM": "ROW",
    "ConversionSoftware": "dcm2niix",
    "ConversionSoftwareVersion": "v1.0.20230411"
}