{
    "Modality": "MR",
    "MagneticFieldStrength": 7,
    "ImagingFrequency": 297.177286,
    "Manufacturer": "Siemens",
    "ManufacturersModelName": "Investigational_Device_7T",
    "InstitutionName": "UC Berkeley",
    "InstitutionalDepartmentName": "Department",
    "InstitutionAddress": "Oxford Street 1951,Berkeley,SFO,US,94720",
    "DeviceSerialNumber": "79024",
    "StationName": "AWP79024",
    "BodyPartExamined": "BRAIN",
    "PatientPosition": "HFS",
    "SoftwareVersions": "syngo MR E12",
    "MRAcquisitionType": "3D",
    "SeriesDescription": "t1_mp2r_sag_0p75mm_fatnav_UNI_Images",
    "ProtocolName": "t1_mp2r_sag_0p75mm_fatnav",
    "ScanningSequence": "GR\\IR",
    "SequenceVariant": "SK\\SP\\MP",
    "ScanOptions": "IR\\PFP",
    "SequenceName": "ns_tfl3d1_16ns",
    "ImageType": [
        "DERIVED",
        "PRIMARY",
        "M",
        "ND",
        "UNI"
    ],
    "NonlinearGradientCorrection": false,
    "RawImage": false,
    "SeriesNumber": 6,
    "AcquisitionTime": "10:24:59.180000",
    "AcquisitionNumber": 1,
    "SliceThickness": 0.75,
    "SAR": 0.126951,
    "EchoTime": 0.00341,
    "RepetitionTime": 5.5,
    "SpoilingState": true,
    "PartialFourier": 0.875,
    "BaseResolution": 300,
    "ShimSetting": [
        8,
        67,
        232,
        2237,
        93,
        758,
        136,
        -80
    ],
    "TxRefAmp": 300,
    "PhaseResolution": 1,
    "ReceiveCoilName": "8Tx64Rx_Head",
    "ReceiveCoilActiveElements": "R63",
    "PulseSequenceDetails": "%CustomerSeq%\\ns_tfl_fatnav",
    "RefLinesPE": 32,
    "CoilCombinationMethod": "Sum of Squares",
    "ConsistencyInfo": "N4_VE12U_LATEST_20181126",
    "MatrixCoilMode": "GRAPPA",
    "PercentPhaseFOV": 100,
    "PercentSampling": 100,
    "PhaseEncodingSteps": 264,
    "AcquisitionMatrixPE": 300,
    "ReconMatrixPE": 300,
    "ParallelReductionFactorInPlane": 3,
    "PixelBandwidth": 215,
    "DwellTime": 7.8e-06,
    "ImageOrientationPatientDICOM": [
        0,
        0.911403,
        -0.411514,
        0,
        -0.411514,
        -0.911403
    ],
    "ImageOrientationText": "Sag",
    "InPlanePhaseEncodingDirectionDICOM": "ROW",
    "ConversionSoftware": "dcm2niix",
    "ConversionSoftwareVersion": "v1.0.20230411"
}